GEM
  remote: http://rubygems.org/
  specs:
    activemodel (3.0.1)
      activesupport (= 3.0.1)
      builder (~> 2.1.2)
      i18n (~> 0.4.1)
    activesupport (3.0.1)
    archive-tar-minitar (0.5.2)
    arel (0.3.3)
      activesupport (>= 3.0.0.beta)
    builder (2.1.2)
    columnize (0.3.1)
    cramp (0.11)
      activemodel (~> 3.0.0.beta3)
      activesupport (~> 3.0.0.beta3)
      arel (= 0.3.3)
      eventmachine (~> 0.12.10)
      mysqlplus (~> 0.1.1)
      rack (~> 1.1.0)
    daemons (1.1.0)
    differ (0.1.1)
    erector (0.6.7)
      treetop (>= 1.2.3)
    eventmachine (0.12.10)
    guid (0.1.1)
    i18n (0.4.2)
    json (1.2.0)
    linecache19 (0.5.11)
      ruby_core_source (>= 0.1.4)
    mysqlplus (0.1.2)
    pg (0.9.0)
    polyglot (0.3.1)
    rack (1.1.0)
    rack-test (0.5.3)
      rack (>= 1.0)
    rr (1.0.0)
    rspec (1.3.0)
    ruby-debug-base19 (0.11.23)
      columnize (>= 0.3.1)
      linecache19 (>= 0.5.11)
      ruby_core_source (>= 0.1.4)
    ruby-debug19 (0.11.6)
      columnize (>= 0.3.1)
      linecache19 (>= 0.5.11)
      ruby-debug-base19 (>= 0.11.19)
    ruby_core_source (0.1.4)
      archive-tar-minitar (>= 0.5.2)
    sequel (3.16.0)
    sinatra (1.0)
      rack (>= 1.0)
    thin (1.2.7)
      daemons (>= 1.0.9)
      eventmachine (>= 0.12.6)
      rack (>= 1.0.0)
    timecop (0.3.4)
    treetop (1.4.8)
      polyglot (>= 0.3.1)

PLATFORMS
  ruby

DEPENDENCIES
  activesupport (= 3.0.1)
  cramp (= 0.11)
  differ (= 0.1.1)
  erector (= 0.6.7)
  guid (= 0.1.1)
  json (= 1.2.0)
  pg
  rack (= 1.1.0)
  rack-test (= 0.5.3)
  rr (= 1.0.0)
  rspec (= 1.3.0)
  ruby-debug19 (= 0.11.6)
  sequel (= 3.16.0)
  sinatra (= 1.0)
  thin (= 1.2.7)
  timecop (= 0.3.4)
